PATH
  remote: .
  specs:
    es_aggs_json_editor (0.1.0)

GEM
  remote: https://rubygems.org/
  specs:
    coderay (1.1.2)
    elasticsearch (6.1.0)
      elasticsearch-api (= 6.1.0)
      elasticsearch-transport (= 6.1.0)
    elasticsearch-api (6.1.0)
      multi_json
    elasticsearch-transport (6.1.0)
      faraday
      multi_json
    faraday (0.15.4)
      multipart-post (>= 1.2, < 3)
    method_source (0.9.2)
    minitest (5.11.3)
    multi_json (1.13.1)
    multipart-post (2.0.0)
    pry (0.12.2)
      coderay (~> 1.1.0)
      method_source (~> 0.9.0)
    rake (10.5.0)

PLATFORMS
  ruby

DEPENDENCIES
  bundler (~> 1.17)
  elasticsearch
  es_aggs_json_editor!
  minitest (~> 5.0)
  pry
  rake (~> 10.0)

BUNDLED WITH
   1.17.2
